PATH
  remote: .
  specs:
    indocker (0.0.18)
      byebug
      colorize
      docker-api
      docker_registry2
      git
      smart_ioc
      thor

GEM
  remote: https://rubygems.org/
  specs:
    byebug (9.1.0)
    colorize (0.8.1)
    diff-lcs (1.3)
    docker-api (1.34.0)
      excon (>= 0.47.0)
      multi_json
    docker_registry2 (1.3.0)
      rest-client (>= 1.8.0)
    domain_name (0.5.20170404)
      unf (>= 0.0.5, < 1.0.0)
    excon (0.59.0)
    git (1.3.0)
    http-cookie (1.0.3)
      domain_name (~> 0.5)
    mime-types (3.1)
      mime-types-data (~> 3.2015)
    mime-types-data (3.2016.0521)
    multi_json (1.12.2)
    netrc (0.11.0)
    rest-client (2.0.2)
      http-cookie (>= 1.0.2, < 2.0)
      mime-types (>= 1.16, < 4.0)
      netrc (~> 0.8)
    rspec (3.7.0)
      rspec-core (~> 3.7.0)
      rspec-expectations (~> 3.7.0)
      rspec-mocks (~> 3.7.0)
    rspec-core (3.7.0)
      rspec-support (~> 3.7.0)
    rspec-expectations (3.7.0)
      diff-lcs (>= 1.2.0, < 2.0)
      rspec-support (~> 3.7.0)
    rspec-mocks (3.7.0)
      diff-lcs (>= 1.2.0, < 2.0)
      rspec-support (~> 3.7.0)
    rspec-support (3.7.0)
    smart_ioc (0.2.1)
    thor (0.20.0)
    unf (0.1.4)
      unf_ext
    unf_ext (0.0.7.4)

PLATFORMS
  ruby

DEPENDENCIES
  byebug
  indocker!
  rspec

BUNDLED WITH
   1.16.0
